GEM
  remote: https://rubygems.org/
  specs:
    dotenv (3.1.7)
    pastel (0.8.0)
      tty-color (~> 0.5)
    pg (1.5.9)
    pg (1.5.9-x64-mingw-ucrt)
    tty-color (0.6.0)
    tty-cursor (0.7.1)
    tty-prompt (0.23.1)
      pastel (~> 0.8)
      tty-reader (~> 0.8)
    tty-reader (0.9.0)
      tty-cursor (~> 0.7)
      tty-screen (~> 0.8)
      wisper (~> 2.0)
    tty-screen (0.8.2)
    tty-spinner (0.9.3)
      tty-cursor (~> 0.7)
    wisper (2.0.1)

PLATFORMS
  ruby
  x64-mingw-ucrt
  x86_64-linux

DEPENDENCIES
  dotenv (~> 3.1)
  pg (~> 1.5)
  tty-prompt (~> 0.23.1)
  tty-spinner (~> 0.9.3)

BUNDLED WITH
   2.5.11
